GEM
  remote: https://rubygems.org/
  specs:
    llama_cpp (0.14.3)

PLATFORMS
  arm64-darwin-23
  ruby

DEPENDENCIES
  llama_cpp

BUNDLED WITH
   2.5.6
